GEM
  remote: http://rubygems.org/
  specs:
    activesupport (3.0.7)
    faker (0.9.5)
      i18n (~> 0.4)
    hpricot (0.8.4)
    i18n (0.5.0)
    mechanize (1.0.0)
      nokogiri (>= 1.2.1)
    nokogiri (1.4.4)
    rack (1.2.2)
    rack-test (0.5.7)
      rack (>= 1.0)
    sinatra (1.2.6)
      rack (~> 1.1)
      tilt (>= 1.2.2, < 2.0)
    tilt (1.3)
    trollop (1.16.2)
    webrat (0.7.3)
      nokogiri (>= 1.2.0)
      rack (>= 1.0)
      rack-test (>= 0.5.3)

PLATFORMS
  ruby

DEPENDENCIES
  activesupport (= 3.0.7)
  faker (= 0.9.5)
  hpricot (= 0.8.4)
  i18n (= 0.5.0)
  mechanize (= 1.0.0)
  nokogiri (= 1.4.4)
  rack (= 1.2.2)
  rack-test (= 0.5.7)
  sinatra (= 1.2.6)
  tilt (= 1.3)
  trollop (= 1.16.2)
  webrat (= 0.7.3)
